PATH
  remote: .
  specs:
    ruby_4_live (0.0.1)
      rosc

GEM
  remote: https://rubygems.org/
  specs:
    coderay (1.0.9)
    diff-lcs (1.2.5)
    method_source (0.8.2)
    pry (0.9.12.2)
      coderay (~> 1.0.5)
      method_source (~> 0.8)
      slop (~> 3.4)
    rake (10.1.1)
    rosc (0.1.3)
    rspec (2.14.1)
      rspec-core (~> 2.14.0)
      rspec-expectations (~> 2.14.0)
      rspec-mocks (~> 2.14.0)
    rspec-core (2.14.8)
    rspec-expectations (2.14.5)
      diff-lcs (>= 1.1.3, < 2.0)
    rspec-mocks (2.14.6)
    slop (3.4.6)

PLATFORMS
  ruby

DEPENDENCIES
  bundler (~> 1.3)
  pry
  rake
  rspec
  ruby_4_live!
